GEM
  remote: https://rubygems.org/
  specs:
    bcrypt (3.1.13)
    daemons (1.3.1)
    eventmachine (1.2.7-x64-mingw32)
    minitest (5.14.0)
    mustermann (1.1.1)
      ruby2_keywords (~> 0.0.1)
    rack (2.2.2)
    rack-protection (2.0.8.1)
      rack
    ruby2_keywords (0.0.2)
    sinatra (2.0.8.1)
      mustermann (~> 1.0)
      rack (~> 2.0)
      rack-protection (= 2.0.8.1)
      tilt (~> 2.0)
    sqlite3 (1.4.2)
    thin (1.7.2)
      daemons (~> 1.0, >= 1.0.9)
      eventmachine (~> 1.0, >= 1.0.4)
      rack (>= 1, < 3)
    tilt (2.0.10)

PLATFORMS
  x64-mingw32

DEPENDENCIES
  bcrypt
  minitest
  sinatra
  sqlite3
  thin

RUBY VERSION
   ruby 2.6.5p114

BUNDLED WITH
   1.17.2
